GEM
  remote: https://rubygems.org/
  specs:
    aws-sdk (2.11.49)
      aws-sdk-resources (= 2.11.49)
    aws-sdk-core (2.11.49)
      aws-sigv4 (~> 1.0)
      jmespath (~> 1.0)
    aws-sdk-resources (2.11.49)
      aws-sdk-core (= 2.11.49)
    aws-sigv4 (1.0.2)
    jmespath (1.4.0)

PLATFORMS
  ruby

DEPENDENCIES
  aws-sdk (~> 2)

BUNDLED WITH
   1.16.1
